GEM
  remote: https://rubygems.org/
  specs:
    io-console (0.5.11)
    irb (1.4.1)
      reline (>= 0.3.0)
    reline (0.3.1)
      io-console (~> 0.5)

PLATFORMS
  ruby

DEPENDENCIES
  irb (~> 1.4)

BUNDLED WITH
   2.1.4
